GEM
  remote: http://rubygems.org/
  specs:
    daemons (1.1.4)
    dalli (1.0.5)
    diff-lcs (1.1.3)
    eventmachine (0.12.10)
    ffi (1.0.11)
    growl (1.0.3)
    guard (0.9.4)
      ffi (>= 0.5.0)
      thor (~> 0.14.6)
    guard-rspec (0.5.10)
      guard (>= 0.8.4)
    rack (1.3.3)
    rack-test (0.6.1)
      rack (>= 1.0)
    rspec (2.6.0)
      rspec-core (~> 2.6.0)
      rspec-expectations (~> 2.6.0)
      rspec-mocks (~> 2.6.0)
    rspec-core (2.6.4)
    rspec-expectations (2.6.0)
      diff-lcs (~> 1.1.2)
    rspec-mocks (2.6.0)
    shotgun (0.9)
      rack (>= 1.0)
    sinatra (1.2.6)
      rack (~> 1.1)
      tilt (>= 1.2.2, < 2.0)
    thin (1.3.1)
      daemons (>= 1.0.9)
      eventmachine (>= 0.12.6)
      rack (>= 1.0.0)
    thor (0.14.6)
    tilt (1.3.3)

PLATFORMS
  ruby

DEPENDENCIES
  dalli (= 1.0.5)
  growl
  guard (~> 0.9.4)
  guard-rspec
  rack-test
  rspec (~> 2.6.0)
  shotgun
  sinatra (= 1.2.6)
  thin (= 1.3.1)
